PATH
  remote: .
  specs:
    chinjufu (0.1.0)
      aws-sdk-cloudformation (<= 1.3)
      aws_config (<= 0.1.0)
      pastel (<= 0.7.2)
      thor (<= 0.20)

GEM
  remote: https://rubygems.org/
  specs:
    aws-partitions (1.62.0)
    aws-sdk-cloudformation (1.3.0)
      aws-sdk-core (~> 3)
      aws-sigv4 (~> 1.0)
    aws-sdk-core (3.15.0)
      aws-partitions (~> 1.0)
      aws-sigv4 (~> 1.0)
      jmespath (~> 1.0)
    aws-sigv4 (1.0.2)
    aws_config (0.1.0)
    diff-lcs (1.3)
    equatable (0.5.0)
    jmespath (1.3.1)
    pastel (0.7.2)
      equatable (~> 0.5.0)
      tty-color (~> 0.4.0)
    rake (10.5.0)
    rspec (3.7.0)
      rspec-core (~> 3.7.0)
      rspec-expectations (~> 3.7.0)
      rspec-mocks (~> 3.7.0)
    rspec-core (3.7.1)
      rspec-support (~> 3.7.0)
    rspec-expectations (3.7.0)
      diff-lcs (>= 1.2.0, < 2.0)
      rspec-support (~> 3.7.0)
    rspec-mocks (3.7.0)
      diff-lcs (>= 1.2.0, < 2.0)
      rspec-support (~> 3.7.0)
    rspec-support (3.7.1)
    thor (0.20.0)
    tty-color (0.4.2)

PLATFORMS
  ruby

DEPENDENCIES
  bundler (~> 1.16)
  chinjufu!
  rake (~> 10.0)
  rspec (~> 3.0)

BUNDLED WITH
   1.16.1
